GEM
  remote: https://rubygems.org/
  specs:
    bcdice (3.13.0)
      i18n (~> 1.8.5)
      racc (~> 1.7.3)
    concurrent-ruby (1.2.3)
    i18n (1.8.11)
      concurrent-ruby (~> 1.0)
    power_assert (2.0.3)
    racc (1.7.3)
    test-unit (3.6.2)
      power_assert

PLATFORMS
  x86_64-linux

DEPENDENCIES
  bcdice (~> 3.11)
  test-unit (~> 3.6)

BUNDLED WITH
   2.4.10
