GEM
  remote: https://rubygems.org/
  specs:
    bcdice (3.13.0)
      i18n (~> 1.8.5)
      racc (~> 1.7.3)
    concurrent-ruby (1.2.3)
    i18n (1.8.11)
      concurrent-ruby (~> 1.0)
    racc (1.7.3)

PLATFORMS
  x86_64-linux

DEPENDENCIES
  bcdice (~> 3.11)

BUNDLED WITH
   2.4.10
