GEM
  remote: https://rubygems.org/
  specs:
    base64 (0.2.0)
    bcdice (3.13.0)
      i18n (~> 1.8.5)
      racc (~> 1.7.3)
    concurrent-ruby (1.2.3)
    i18n (1.8.11)
      concurrent-ruby (~> 1.0)
    mustermann (3.0.0)
      ruby2_keywords (~> 0.0.1)
    power_assert (2.0.3)
    racc (1.7.3)
    rack (3.0.11)
    rack-protection (4.0.0)
      base64 (>= 0.1.0)
      rack (>= 3.0.0, < 4)
    rack-session (2.0.0)
      rack (>= 3.0.0)
    rackup (2.1.0)
      rack (>= 3)
      webrick (~> 1.8)
    ruby2_keywords (0.0.5)
    sinatra (4.0.0)
      mustermann (~> 3.0)
      rack (>= 3.0.0, < 4)
      rack-protection (= 4.0.0)
      rack-session (>= 2.0.0, < 3)
      tilt (~> 2.0)
    test-unit (3.6.2)
      power_assert
    tilt (2.3.0)
    webrick (1.8.1)

PLATFORMS
  x86_64-linux

DEPENDENCIES
  bcdice (~> 3.11)
  rackup (~> 2.1)
  sinatra (~> 4.0)
  test-unit (~> 3.6)

BUNDLED WITH
   2.4.10
